GEM
  remote: http://rubygems.org/
  specs:
    daemons (1.1.8)
    eventmachine (0.12.10)
    nancy (0.2.0)
      rack
      tilt
    rack (1.4.1)
    rack-protection (1.2.0)
      rack
    sequel (3.35.0)
    thin (1.3.1)
      daemons (>= 1.0.9)
      eventmachine (>= 0.12.6)
      rack (>= 1.0.0)
    tilt (1.3.3)

PLATFORMS
  ruby

DEPENDENCIES
  nancy
  rack-protection
  sequel
  thin
