GEM
  remote: http://rubygems.org/
  specs:
    daemons (1.1.8)
    eventmachine (0.12.10)
    micromachine (1.0.4)
    nancy (0.2.0)
      rack
      tilt
    pg (0.13.2)
    rack (1.4.1)
    rack-protection (1.2.0)
      rack
    rack-test (0.6.1)
      rack (>= 1.0)
    racksh (0.9.11)
      rack (>= 1.0)
      rack-test (>= 0.5)
    sequel (3.35.0)
    sqlite3 (1.3.6)
    thin (1.3.1)
      daemons (>= 1.0.9)
      eventmachine (>= 0.12.6)
      rack (>= 1.0.0)
    tilt (1.3.3)
    yajl-ruby (1.1.0)

PLATFORMS
  ruby

DEPENDENCIES
  micromachine
  nancy
  pg
  rack-protection
  racksh
  sequel
  sqlite3
  thin
  yajl-ruby
